GEM
  remote: https://rubygems.org/
  specs:
    coderay (1.1.0)
    ffi (1.9.10)
    haml (4.0.7)
      tilt
    listen (3.0.5)
      rb-fsevent (>= 0.9.3)
      rb-inotify (>= 0.9)
    method_source (0.8.2)
    minitest (5.0.8)
    pry (0.10.3)
      coderay (~> 1.1.0)
      method_source (~> 0.8.1)
      slop (~> 3.4)
    puma (2.3.2)
      rack (>= 1.1, < 2.0)
    rack (1.6.4)
    rack-protection (1.5.3)
      rack
    rack-test (0.6.3)
      rack (>= 1.0)
    rake (10.5.0)
    rb-fsevent (0.9.7)
    rb-inotify (0.9.7)
      ffi (>= 0.5.0)
    rdiscount (2.1.8)
    redis (3.0.7)
    redis-namespace (1.3.2)
      redis (~> 3.0.4)
    rerun (0.11.0)
      listen (~> 3.0)
    sass (3.2.19)
    sinatra (1.4.7)
      rack (~> 1.5)
      rack-protection (~> 1.4)
      tilt (>= 1.3, < 3)
    slop (3.6.0)
    tilt (2.0.2)

PLATFORMS
  ruby

DEPENDENCIES
  haml (~> 4.0.0)
  minitest (~> 5.0.6)
  pry
  puma (~> 2.3.1)
  rack-test
  rake
  rdiscount (~> 2.1.7)
  redis (~> 3.0.0)
  redis-namespace (~> 1.3.1)
  rerun
  sass (~> 3.2.7)
  sinatra (~> 1.4.3)
